GEM
  remote: https://rubygems.org/
  specs:
    childprocess (4.1.0)
    rexml (3.2.5)
    rubyzip (2.3.2)
    selenium-webdriver (4.5.0)
      childprocess (>= 0.5, < 5.0)
      rexml (~> 3.2, >= 3.2.5)
      rubyzip (>= 1.2.2, < 3.0)
      websocket (~> 1.0)
    websocket (1.2.9)

PLATFORMS
  x64-mingw32

DEPENDENCIES
  selenium-webdriver (~> 4.5)

BUNDLED WITH
   2.1.4
